PATH
  remote: .
  specs:
    scroll_to_presenters_plugin (0.0.1)

GEM
  remote: https://rubygems.org/
  specs:
    rake (13.0.1)

PLATFORMS
  ruby

DEPENDENCIES
  bundler (~> 2.0)
  rake (~> 13.0)
  scroll_to_presenters_plugin!

BUNDLED WITH
   2.0.1
